GEM
  remote: https://rubygems.org/
  specs:
    activesupport (4.1.7)
      i18n (~> 0.6, >= 0.6.9)
      json (~> 1.7, >= 1.7.7)
      minitest (~> 5.1)
      thread_safe (~> 0.1)
      tzinfo (~> 1.1)
    clamp (0.6.3)
    colored (1.2)
    i18n (0.6.11)
    json (1.8.1)
    minitest (5.4.2)
    synx (0.0.52)
      clamp (~> 0.6)
      colored (~> 1.2)
      xcodeproj (~> 0.17)
    thread_safe (0.3.4)
    tzinfo (1.2.2)
      thread_safe (~> 0.1)
    xcodeproj (0.20.1)
      activesupport (>= 3)
      colored (~> 1.2)

PLATFORMS
  ruby

DEPENDENCIES
  synx
